GEM
  remote: https://rubygems.org/
  specs:
    actioncable (5.1.4)
      actionpack (= 5.1.4)
      nio4r (~> 2.0)
      websocket-driver (~> 0.6.1)
    actionmailer (5.1.4)
      actionpack (= 5.1.4)
      actionview (= 5.1.4)
      activejob (= 5.1.4)
      mail (~> 2.5, >= 2.5.4)
      rails-dom-testing (~> 2.0)
    actionpack (5.1.4)
      actionview (= 5.1.4)
      activesupport (= 5.1.4)
      rack (~> 2.0)
      rack-test (>= 0.6.3)
      rails-dom-testing (~> 2.0)
      rails-html-sanitizer (~> 1.0, >= 1.0.2)
    actionview (5.1.4)
      activesupport (= 5.1.4)
      builder (~> 3.1)
      erubi (~> 1.4)
      rails-dom-testing (~> 2.0)
      rails-html-sanitizer (~> 1.0, >= 1.0.3)
    active_model_serializers (0.10.7)
      actionpack (>= 4.1, < 6)
      activemodel (>= 4.1, < 6)
      case_transform (>= 0.2)
      jsonapi-renderer (>= 0.1.1.beta1, < 0.3)
    active_record_doctor (1.5.0)
      activerecord (>= 4.2)
      railties (>= 4.2)
    active_record_union (1.2.0)
      activerecord (>= 4.0)
    activejob (5.1.4)
      activesupport (= 5.1.4)
      globalid (>= 0.3.6)
    activemodel (5.1.4)
      activesupport (= 5.1.4)
    activerecord (5.1.4)
      activemodel (= 5.1.4)
      activesupport (= 5.1.4)
      arel (~> 8.0)
    activesupport (5.1.4)
      concurrent-ruby (~> 1.0, >= 1.0.2)
      i18n (~> 0.7)
      minitest (~> 5.1)
      tzinfo (~> 1.1)
    addressable (2.5.2)
      public_suffix (>= 2.0.2, < 4.0)
    ahoy_matey (1.6.0)
      addressable
      browser (~> 2.0)
      geocoder
      rack-attack (< 6)
      railties
      referer-parser (>= 0.3.0)
      request_store
      safely_block (>= 0.1.1)
      user_agent_parser
      uuidtools
    airbrussh (1.3.0)
      sshkit (>= 1.6.1, != 1.7.0)
    allowable (1.1.0)
    ancestry (3.0.1)
      activerecord (>= 3.2.0)
    arel (8.0.0)
    ast (2.4.0)
    autoprefixer-rails (7.2.5)
      execjs
    axiom-types (0.1.1)
      descendants_tracker (~> 0.0.4)
      ice_nine (~> 0.11.0)
      thread_safe (~> 0.3, >= 0.3.1)
    bcrypt (3.1.11)
    bootstrap-sass (3.3.7)
      autoprefixer-rails (>= 5.2.1)
      sass (>= 3.3.4)
    bootstrap3-datetimepicker-rails (4.17.47)
      momentjs-rails (>= 2.8.1)
    bootstrap_form (2.7.0)
    browser (2.5.2)
    builder (3.2.3)
    bullet (5.7.2)
      activesupport (>= 3.0.0)
      uniform_notifier (~> 1.11.0)
    capistrano (3.10.1)
      airbrussh (>= 1.0.0)
      i18n
      rake (>= 10.0.0)
      sshkit (>= 1.9.0)
    capistrano-bundler (1.3.0)
      capistrano (~> 3.1)
      sshkit (~> 1.2)
    capistrano-passenger (0.2.0)
      capistrano (~> 3.0)
    capistrano-rails (1.3.1)
      capistrano (~> 3.1)
      capistrano-bundler (~> 1.1)
    capistrano-rvm (0.1.2)
      capistrano (~> 3.0)
      sshkit (~> 1.2)
    capybara (2.17.0)
      addressable
      mini_mime (>= 0.1.3)
      nokogiri (>= 1.3.3)
      rack (>= 1.0.0)
      rack-test (>= 0.5.4)
      xpath (>= 2.0, < 4.0)
    carrierwave (1.2.2)
      activemodel (>= 4.0.0)
      activesupport (>= 4.0.0)
      mime-types (>= 1.16)
    case_transform (0.2)
      activesupport
    cocoon (1.2.11)
    code_analyzer (0.4.8)
      sexp_processor
    codeclimate-engine-rb (0.4.1)
      virtus (~> 1.0)
    coercible (1.0.0)
      descendants_tracker (~> 0.0.1)
    coffee-rails (4.2.2)
      coffee-script (>= 2.2.0)
      railties (>= 4.0.0)
    coffee-script (2.4.1)
      coffee-script-source
      execjs
    coffee-script-source (1.12.2)
    concurrent-ruby (1.0.5)
    coveralls (0.7.2)
      multi_json (~> 1.3)
      rest-client (= 1.6.7)
      simplecov (>= 0.7)
      term-ansicolor (= 1.2.2)
      thor (= 0.18.1)
    crass (1.0.3)
    database_cleaner (1.6.2)
    descendants_tracker (0.0.4)
      thread_safe (~> 0.3, >= 0.3.1)
    devise (4.4.1)
      bcrypt (~> 3.0)
      orm_adapter (~> 0.1)
      railties (>= 4.1.0, < 5.2)
      responders
      warden (~> 1.2.3)
    diff-lcs (1.3)
    docile (1.1.5)
    equalizer (0.0.11)
    errbase (0.0.3)
    erubi (1.7.0)
    erubis (2.7.0)
    execjs (2.7.0)
    factory_bot (4.8.2)
      activesupport (>= 3.0.0)
    factory_bot_rails (4.8.2)
      factory_bot (~> 4.8.2)
      railties (>= 3.0.0)
    ffi (1.9.18)
    font-awesome-rails (4.7.0.3)
      railties (>= 3.2, < 5.2)
    geocoder (1.4.5)
    globalid (0.4.1)
      activesupport (>= 4.2.0)
    graph_matching (0.1.1)
      rgl (~> 0.5.0)
    haml (4.0.7)
      tilt
    haml_lint (0.27.0)
      haml (>= 4.0, < 5.1)
      rainbow
      rake (>= 10, < 13)
      rubocop (>= 0.50.0)
      sysexits (~> 1.1)
    hamlit (2.8.6)
      temple (>= 0.8.0)
      thor
      tilt
    hashie (3.5.7)
    i18n (0.9.3)
      concurrent-ruby (~> 1.0)
    ice_nine (0.11.2)
    jquery-rails (4.3.1)
      rails-dom-testing (>= 1, < 3)
      railties (>= 4.2.0)
      thor (>= 0.14, < 2.0)
    json (2.1.0)
    jsonapi-renderer (0.2.0)
    launchy (2.4.3)
      addressable (~> 2.3)
    lazy_priority_queue (0.1.1)
    letter_opener (1.6.0)
      launchy (~> 2.2)
    loofah (2.1.1)
      crass (~> 1.0.2)
      nokogiri (>= 1.5.9)
    mail (2.7.0)
      mini_mime (>= 0.1.1)
    method_source (0.9.0)
    mime-types (3.1)
      mime-types-data (~> 3.2015)
    mime-types-data (3.2016.0521)
    mini_magick (4.8.0)
    mini_mime (1.0.0)
    mini_portile2 (2.3.0)
    minitest (5.11.3)
    momentjs-rails (2.17.1)
      railties (>= 3.1)
    multi_json (1.13.1)
    net-scp (1.2.1)
      net-ssh (>= 2.6.5)
    net-ssh (4.2.0)
    nio4r (2.2.0)
    nokogiri (1.8.1)
      mini_portile2 (~> 2.3.0)
    omniauth (1.8.1)
      hashie (>= 3.4.6, < 3.6.0)
      rack (>= 1.6.2, < 3)
    omniauth-openid (1.0.1)
      omniauth (~> 1.0)
      rack-openid (~> 1.3.1)
    omniauth-steam (1.0.5)
      multi_json
      omniauth-openid
    orm_adapter (0.5.0)
    pagedown-bootstrap-rails (2.1.4)
      railties (> 3.1)
    parallel (1.12.1)
    parser (2.4.0.2)
      ast (~> 2.3)
    pg (0.21.0)
    powerpack (0.1.1)
    pretender (0.3.1)
      actionpack
    public_suffix (3.0.1)
    rack (2.0.3)
    rack-attack (5.0.1)
      rack
    rack-openid (1.3.1)
      rack (>= 1.1.0)
      ruby-openid (>= 2.1.8)
    rack-test (0.8.2)
      rack (>= 1.0, < 3)
    rails (5.1.4)
      actioncable (= 5.1.4)
      actionmailer (= 5.1.4)
      actionpack (= 5.1.4)
      actionview (= 5.1.4)
      activejob (= 5.1.4)
      activemodel (= 5.1.4)
      activerecord (= 5.1.4)
      activesupport (= 5.1.4)
      bundler (>= 1.3.0)
      railties (= 5.1.4)
      sprockets-rails (>= 2.0.0)
    rails-dom-testing (2.0.3)
      activesupport (>= 4.2.0)
      nokogiri (>= 1.6)
    rails-html-sanitizer (1.0.3)
      loofah (~> 2.0)
    rails_best_practices (1.19.0)
      activesupport
      code_analyzer (>= 0.4.8)
      erubis
      i18n
      json
      require_all
      ruby-progressbar
    railties (5.1.4)
      actionpack (= 5.1.4)
      activesupport (= 5.1.4)
      method_source
      rake (>= 0.8.7)
      thor (>= 0.18.1, < 2.0)
    rainbow (2.2.2)
      rake
    rake (12.3.0)
    rb-fsevent (0.10.2)
    rb-inotify (0.9.10)
      ffi (>= 0.5.0, < 2)
    redcarpet (3.4.0)
    reek (4.7.3)
      codeclimate-engine-rb (~> 0.4.0)
      parser (>= 2.4.0.0, < 2.5)
      rainbow (~> 2.0)
    referer-parser (0.3.0)
    request_store (1.4.0)
      rack (>= 1.4)
    require_all (1.5.0)
    responders (2.4.0)
      actionpack (>= 4.2.0, < 5.3)
      railties (>= 4.2.0, < 5.3)
    rest-client (1.6.7)
      mime-types (>= 1.16)
    rgl (0.5.3)
      lazy_priority_queue (~> 0.1.0)
      stream (~> 0.5.0)
    rspec-core (3.7.1)
      rspec-support (~> 3.7.0)
    rspec-expectations (3.7.0)
      diff-lcs (>= 1.2.0, < 2.0)
      rspec-support (~> 3.7.0)
    rspec-mocks (3.7.0)
      diff-lcs (>= 1.2.0, < 2.0)
      rspec-support (~> 3.7.0)
    rspec-rails (3.7.2)
      actionpack (>= 3.0)
      activesupport (>= 3.0)
      railties (>= 3.0)
      rspec-core (~> 3.7.0)
      rspec-expectations (~> 3.7.0)
      rspec-mocks (~> 3.7.0)
      rspec-support (~> 3.7.0)
    rspec-support (3.7.0)
    rubocop (0.52.1)
      parallel (~> 1.10)
      parser (>= 2.4.0.2, < 3.0)
      powerpack (~> 0.1)
      rainbow (>= 2.2.2, < 4.0)
      ruby-progressbar (~> 1.7)
      unicode-display_width (~> 1.0, >= 1.0.1)
    ruby-openid (2.7.0)
    ruby-progressbar (1.9.0)
    safely_block (0.2.0)
      errbase
    sass (3.5.5)
      sass-listen (~> 4.0.0)
    sass-listen (4.0.0)
      rb-fsevent (~> 0.9, >= 0.9.4)
      rb-inotify (~> 0.9, >= 0.9.7)
    sass-rails (5.0.7)
      railties (>= 4.0.0, < 6)
      sass (~> 3.1)
      sprockets (>= 2.8, < 4.0)
      sprockets-rails (>= 2.0, < 4.0)
      tilt (>= 1.1, < 3)
    sexp_processor (4.10.0)
    shoulda-matchers (3.1.2)
      activesupport (>= 4.0.0)
    simplecov (0.15.1)
      docile (~> 1.1.0)
      json (>= 1.8, < 3)
      simplecov-html (~> 0.10.0)
    simplecov-html (0.10.2)
    spring (2.0.2)
      activesupport (>= 4.2)
    sprockets (3.7.1)
      concurrent-ruby (~> 1.0)
      rack (> 1, < 3)
    sprockets-rails (3.2.1)
      actionpack (>= 4.0)
      activesupport (>= 4.0)
      sprockets (>= 3.0.0)
    sshkit (1.15.1)
      net-scp (>= 1.1.2)
      net-ssh (>= 2.8.0)
    stream (0.5)
    sysexits (1.2.0)
    temple (0.8.0)
    term-ansicolor (1.2.2)
      tins (~> 0.8)
    thor (0.18.1)
    thread_safe (0.3.6)
    tilt (2.0.8)
    tins (0.13.2)
    tournament-system (1.0.2)
      graph_matching (~> 0.1.1)
    tzinfo (1.2.4)
      thread_safe (~> 0.1)
    uglifier (4.1.4)
      execjs (>= 0.3.0, < 3)
    unicode-display_width (1.3.0)
    uniform_notifier (1.11.0)
    user_agent_parser (2.4.1)
    uuidtools (2.1.5)
    virtus (1.0.5)
      axiom-types (~> 0.1)
      coercible (~> 1.0)
      descendants_tracker (~> 0.0, >= 0.0.3)
      equalizer (~> 0.0, >= 0.0.9)
    warden (1.2.7)
      rack (>= 1.0)
    websocket-driver (0.6.5)
      websocket-extensions (>= 0.1.0)
    websocket-extensions (0.1.3)
    will_paginate (3.1.6)
    will_paginate-bootstrap (1.0.1)
      will_paginate (>= 3.0.3)
    xpath (3.0.0)
      nokogiri (~> 1.8)

PLATFORMS
  ruby

DEPENDENCIES
  active_model_serializers (~> 0.10.0)
  active_record_doctor
  active_record_union (~> 1.2.0)
  ahoy_matey
  allowable (~> 1.1)
  ancestry
  bootstrap-sass (~> 3.3.6)
  bootstrap3-datetimepicker-rails (~> 4.17.37)
  bootstrap_form
  bullet
  capistrano (~> 3.1)
  capistrano-bundler
  capistrano-passenger
  capistrano-rails
  capistrano-rvm
  capybara
  carrierwave
  cocoon
  coffee-rails (~> 4.2.0)
  coveralls
  database_cleaner
  devise
  factory_bot_rails (~> 4)
  font-awesome-rails
  haml (~> 4.0)
  haml_lint
  hamlit
  jquery-rails
  letter_opener
  mini_magick
  momentjs-rails (>= 2.9.0)
  omniauth-steam
  pagedown-bootstrap-rails
  pg (~> 0.21)
  pretender (~> 0.3.1)
  rails (~> 5.1)
  rails_best_practices
  rake (~> 12.0)
  redcarpet
  reek
  rspec-rails (~> 3.5)
  rubocop (~> 0.51)
  sass-rails (~> 5.0)
  shoulda-matchers
  simplecov
  spring
  tournament-system (~> 1.0.0)
  uglifier (>= 1.3.0)
  will_paginate (~> 3.1.0)
  will_paginate-bootstrap

BUNDLED WITH
   1.16.1
